PATH
  remote: .
  specs:
    kindle_pras (0.1.0)

GEM
  remote: https://rubygems.org/
  specs:
    minitest (5.10.1)
    rake (10.5.0)

PLATFORMS
  ruby

DEPENDENCIES
  bundler (~> 1.13)
  kindle_pras!
  minitest (~> 5.0)
  rake (~> 10.0)

BUNDLED WITH
   1.13.6
