PATH
  remote: .
  specs:
    kindle_pras (0.1.0)

GEM
  remote: https://rubygems.org/
  specs:
    minitest (5.10.1)
    rake (12.3.3)

PLATFORMS
  ruby

DEPENDENCIES
  bundler (~> 1.13)
  kindle_pras!
  minitest (~> 5.0)
  rake (~> 12.3)

BUNDLED WITH
   1.13.6
